GEM
  remote: http://rubygems.org/
  specs:
    awesome_print (1.0.2)
    aws-sdk (1.2.6)
      httparty (~> 0.7)
      json (~> 1.4)
      nokogiri (>= 1.4.4)
      uuidtools (~> 2.1)
    chunky_png (1.2.5)
    compass (0.11.6)
      chunky_png (~> 1.2)
      fssm (>= 0.2.7)
      sass (~> 3.1)
    fssm (0.2.8)
    git (1.2.5)
    highline (1.6.9)
    httparty (0.16.2)
      multi_xml (>= 0.5.2)
    jeweler (1.6.4)
      bundler (~> 1.0)
      git (>= 1.2.5)
      rake
    json (1.8.6)
    mime-types (1.17.2)
    mini_portile2 (2.8.0)
    multi_xml (0.6.0)
    nokogiri (1.13.8)
      mini_portile2 (~> 2.8.0)
      racc (~> 1.4)
    racc (1.6.0)
    rake (13.0.1)
    rb-fsevent (0.4.3.1)
    rcov (0.9.11)
    rmagick (2.13.1)
    sass (3.1.12)
    uuidtools (2.1.2)

PLATFORMS
  ruby

DEPENDENCIES
  awesome_print
  aws-sdk
  bundler
  compass
  fssm
  highline
  jeweler
  mime-types
  rb-fsevent
  rcov
  rmagick
  sass
